GEM
  remote: http://rubygems.org/
  specs:
    builder (3.2.3)
    cucumber (1.2.1)
      builder (>= 2.1.2)
      diff-lcs (>= 1.1.3)
      gherkin (~> 2.11.0)
      json (>= 1.4.6)
    diff-lcs (1.1.3)
    gherkin (2.11.8)
      multi_json (~> 1.3)
    json (2.1.0)
    multi_json (1.13.1)
    rspec-expectations (2.11.2)
      diff-lcs (~> 1.1.3)

PLATFORMS
  ruby

DEPENDENCIES
  cucumber (= 1.2.1)
  rspec-expectations (= 2.11.2)

BUNDLED WITH
   1.16.1
